GEM
  remote: https://rubygems.org/
  specs:
    csv (1.0.2)
    faraday (0.15.1)
      multipart-post (>= 1.2, < 3)
    json (2.1.0)
    multipart-post (2.0.0)

PLATFORMS
  ruby

DEPENDENCIES
  csv
  faraday
  json

BUNDLED WITH
   1.16.1
